GEM
  remote: https://rubygems.org/
  specs:
    backports (3.12.0)
    haml (5.0.4)
      temple (>= 0.8.0)
      tilt
    mini_portile2 (2.4.0)
    multi_json (1.13.1)
    mustermann (1.0.3)
    nokogiri (1.10.1)
      mini_portile2 (~> 2.4.0)
    pg (1.1.4)
    puma (3.12.1)
    rack (2.0.6)
    rack-protection (2.0.5)
      rack
    sequel (5.18.0)
    sinatra (2.0.5)
      mustermann (~> 1.0)
      rack (~> 2.0)
      rack-protection (= 2.0.5)
      tilt (~> 2.0)
    sinatra-contrib (2.0.5)
      backports (>= 2.8.2)
      multi_json
      mustermann (~> 1.0)
      rack-protection (= 2.0.5)
      sinatra (= 2.0.5)
      tilt (>= 1.3, < 3)
    sinatra-cors (1.1.0)
    temple (0.8.1)
    tilt (2.0.9)
    zlib (1.0.0)

PLATFORMS
  ruby

DEPENDENCIES
  haml (~> 5.0)
  nokogiri (~> 1.10)
  pg (~> 1.1)
  puma (~> 3.12)
  sequel (~> 5.18)
  sinatra (~> 2.0)
  sinatra-contrib (~> 2.0)
  sinatra-cors (~> 1.1)
  zlib (~> 1.0)

RUBY VERSION
   ruby 2.5.3p105

BUNDLED WITH
   2.0.1
