GEM
  remote: https://rubygems.org/
  specs:
    haml (5.0.4)
      temple (>= 0.8.0)
      tilt
    mini_portile2 (2.4.0)
    mustermann (1.0.3)
    nokogiri (1.10.1)
      mini_portile2 (~> 2.4.0)
    pg (1.1.4)
    rack (2.0.6)
    rack-protection (2.0.5)
      rack
    sequel (5.18.0)
    sinatra (2.0.5)
      mustermann (~> 1.0)
      rack (~> 2.0)
      rack-protection (= 2.0.5)
      tilt (~> 2.0)
    temple (0.8.1)
    tilt (2.0.9)
    zlib (1.0.0)

PLATFORMS
  ruby

DEPENDENCIES
  haml (~> 5.0)
  nokogiri (~> 1.10)
  pg (~> 1.1)
  sequel (~> 5.18)
  sinatra (~> 2.0)
  zlib (~> 1.0)

BUNDLED WITH
   2.0.1
