GEM
  remote: https://rubygems.org/
  specs:
    haml (5.0.4)
      temple (>= 0.8.0)
      tilt
    mini_portile2 (2.4.0)
    multi_json (1.15.0)
    mustermann (1.1.1)
      ruby2_keywords (~> 0.0.1)
    nokogiri (1.10.1)
      mini_portile2 (~> 2.4.0)
    pg (1.1.4)
    puma (3.12.1)
    rack (2.2.3)
    rack-protection (2.2.0)
      rack
    ruby2_keywords (0.0.5)
    sequel (5.18.0)
    sinatra (2.2.0)
      mustermann (~> 1.0)
      rack (~> 2.2)
      rack-protection (= 2.2.0)
      tilt (~> 2.0)
    sinatra-contrib (2.2.0)
      multi_json
      mustermann (~> 1.0)
      rack-protection (= 2.2.0)
      sinatra (= 2.2.0)
      tilt (~> 2.0)
    sinatra-cors (1.1.0)
    temple (0.8.1)
    tilt (2.0.10)
    zlib (1.0.0)

PLATFORMS
  ruby

DEPENDENCIES
  haml (~> 5.0)
  nokogiri (~> 1.10)
  pg (~> 1.1)
  puma (~> 3.12)
  sequel (~> 5.18)
  sinatra (~> 2.2)
  sinatra-contrib (~> 2.2)
  sinatra-cors (~> 1.1)
  zlib (~> 1.0)

RUBY VERSION
   ruby 2.5.3p105

BUNDLED WITH
   2.0.1
